GEM
  remote: http://rubygems.org/
  specs:
    chunky_png (1.2.5)
    compass (0.11.5)
      chunky_png (~> 1.2)
      fssm (>= 0.2.7)
      sass (~> 3.1)
    compass_twitter_bootstrap (0.1.7)
      compass
    cri (2.0.2)
    fssm (0.2.7)
    haml (3.1.3)
    htmlentities (4.3.0)
    nanoc (3.2.3)
      nanoc3 (>= 3.2.3)
    nanoc3 (3.2.3)
      cri (~> 2.0)
    rack (1.3.5)
    rack-rewrite (1.2.1)
    sass (3.1.10)

PLATFORMS
  ruby

DEPENDENCIES
  compass
  compass_twitter_bootstrap
  haml
  htmlentities
  nanoc
  rack
  rack-rewrite
  sass
